GEM
  remote: http://rubygems.org/
  specs:
    codeclimate-test-reporter (0.4.8)
      simplecov (>= 0.7.1, < 1.0.0)
    docile (1.1.5)
    hologram (1.2.0)
      redcarpet (>= 2.2, < 4.0)
      rouge (>= 1.5)
    json (1.8.3)
    redcarpet (3.2.0)
    rouge (1.7.4)
    simplecov (0.11.1)
      docile (~> 1.1.0)
      json (~> 1.8)
      simplecov-html (~> 0.10.0)
    simplecov-html (0.10.0)

PLATFORMS
  ruby

DEPENDENCIES
  codeclimate-test-reporter
  hologram

BUNDLED WITH
   1.11.2
